PATH
  remote: .
  specs:
    carnivore (0.1.0)
      celluloid
      fog
      mixlib-config
      reel

GEM
  remote: https://rubygems.org/
  specs:
    builder (3.2.2)
    celluloid (0.15.1)
      timers (~> 1.1.0)
    celluloid-io (0.15.0)
      celluloid (>= 0.15.0)
      nio4r (>= 0.5.0)
    certified (0.1.1)
    excon (0.25.3)
    fog (1.15.0)
      builder
      excon (~> 0.25.0)
      formatador (~> 0.2.0)
      mime-types
      multi_json (~> 1.0)
      net-scp (~> 1.1)
      net-ssh (>= 2.1.3)
      nokogiri (~> 1.5)
      ruby-hmac
    formatador (0.2.4)
    http (0.4.0)
      certified
      http_parser.rb
    http_parser.rb (0.5.3)
    mime-types (1.25)
    mini_portile (0.5.1)
    mixlib-config (1.1.2)
    multi_json (1.8.0)
    net-scp (1.1.2)
      net-ssh (>= 2.6.5)
    net-ssh (2.6.8)
    nio4r (0.5.0)
    nokogiri (1.6.0)
      mini_portile (~> 0.5.0)
    rack (1.5.2)
    reel (0.3.0)
      celluloid-io (>= 0.8.0)
      http (>= 0.2.0)
      http_parser.rb (>= 0.5.3)
      rack (>= 1.4.0)
      websocket_parser (>= 0.1.0)
    ruby-hmac (0.4.0)
    timers (1.1.0)
    websocket_parser (0.1.4)
      http

PLATFORMS
  ruby

DEPENDENCIES
  carnivore!
